PATH
  remote: .
  specs:
    lingorb (0.0.1.pre)
      faraday (~> 0.15)

GEM
  remote: https://rubygems.org/
  specs:
    faraday (0.15.4)
      multipart-post (>= 1.2, < 3)
    multipart-post (2.1.1)
    rake (13.0.1)

PLATFORMS
  ruby

DEPENDENCIES
  bundler (~> 2.0)
  lingorb!
  rake (~> 13.0)

BUNDLED WITH
   2.0.1
